GEM
  remote: http://gems.rubyforge.org/
  specs:
    activemodel (3.0.20)
      activesupport (= 3.0.20)
      builder (~> 2.1.2)
      i18n (~> 0.5.0)
    activesupport (3.0.20)
    bson (1.4.0)
    bson_ext (1.4.0)
    builder (2.1.2)
    diff-lcs (1.2.4)
    haml (4.0.3)
      tilt
    htmlentities (4.2.2)
    i18n (0.5.0)
    json (1.5.1)
    metaclass (0.0.1)
    mime-types (1.25)
    mocha (0.14.0)
      metaclass (~> 0.0.1)
    mongo (1.4.0)
      bson (= 1.4.0)
    mongo_mapper (0.9.2)
      activemodel (~> 3.0)
      activesupport (~> 3.0)
      plucky (~> 0.3.8)
    multi_json (1.8.0)
    nokogiri (1.4.1)
    plucky (0.3.8)
      mongo (~> 1.3)
    pr_geohash (1.0.0)
    rack (1.5.2)
    rack-protection (1.5.0)
      rack
    rake (10.1.0)
    rest-client (1.6.1)
      mime-types (>= 1.16)
    rsolr (1.0.9)
      builder (>= 2.1.2)
    rspec (2.14.1)
      rspec-core (~> 2.14.0)
      rspec-expectations (~> 2.14.0)
      rspec-mocks (~> 2.14.0)
    rspec-core (2.14.5)
    rspec-expectations (2.14.2)
      diff-lcs (>= 1.1.3, < 2.0)
    rspec-mocks (2.14.3)
    shotgun (0.9)
      rack (>= 1.0)
    simplecov (0.7.1)
      multi_json (~> 1.0)
      simplecov-html (~> 0.7.1)
    simplecov-html (0.7.1)
    sinatra (1.4.3)
      rack (~> 1.4)
      rack-protection (~> 1.4)
      tilt (~> 1.3, >= 1.3.4)
    sunspot (2.0.0)
      pr_geohash (~> 1.0)
      rsolr (~> 1.0.7)
    tilt (1.4.1)

PLATFORMS
  ruby

DEPENDENCIES
  bson (= 1.4.0)
  bson_ext (= 1.4.0)
  builder (= 2.1.2)
  haml
  htmlentities (= 4.2.2)
  json (= 1.5.1)
  mocha
  mongo_mapper (= 0.9.2)
  nokogiri (= 1.4.1)
  rake
  rest-client (= 1.6.1)
  rspec
  shotgun
  simplecov
  sinatra
  sunspot
